NUGET
  remote: https://nuget.org/api/v2
  specs:
    Fluent-CQRS (2.0.3.1)
